GEM
  remote: https://rubygems.org/
  specs:
    addressable (2.5.2)
      public_suffix (>= 2.0.2, < 4.0)
    charlock_holmes (0.7.6)
    diff-lcs (1.3)
    faraday (0.13.1)
      multipart-post (>= 1.2, < 3)
    gemojione (3.3.0)
      json
    github-markup (1.6.1)
    gitlab-grit (2.8.1)
      charlock_holmes (~> 0.6)
      diff-lcs (~> 1.1)
      mime-types (>= 1.16, < 3)
      posix-spawn (~> 0.3)
    gollum (4.0.1)
      gollum-lib (~> 4.0, >= 4.0.1)
      kramdown (~> 1.8.0)
      mustache (>= 0.99.5, < 1.0.0)
      sinatra (~> 1.4, >= 1.4.4)
      useragent (~> 0.14.0)
    gollum-grit_adapter (1.0.1)
      gitlab-grit (~> 2.7, >= 2.7.1)
    gollum-lib (4.2.7)
      gemojione (~> 3.2)
      github-markup (~> 1.6)
      gollum-grit_adapter (~> 1.0)
      nokogiri (>= 1.6.1, < 2.0)
      rouge (~> 2.1)
      sanitize (~> 2.1)
      stringex (~> 2.6)
    json (2.1.0)
    kramdown (1.8.0)
    mime-types (2.99.3)
    mini_portile2 (2.2.0)
    multipart-post (2.0.0)
    mustache (0.99.8)
    nokogiri (1.8.0)
      mini_portile2 (~> 2.2.0)
    octokit (4.7.0)
      sawyer (~> 0.8.0, >= 0.5.3)
    posix-spawn (0.3.13)
    public_suffix (3.0.0)
    rack (1.6.8)
    rack-protection (1.5.3)
      rack
    rack-test (0.7.0)
      rack (>= 1.0, < 3)
    rouge (2.2.1)
    rspec (3.6.0)
      rspec-core (~> 3.6.0)
      rspec-expectations (~> 3.6.0)
      rspec-mocks (~> 3.6.0)
    rspec-core (3.6.0)
      rspec-support (~> 3.6.0)
    rspec-expectations (3.6.0)
      diff-lcs (>= 1.2.0, < 2.0)
      rspec-support (~> 3.6.0)
    rspec-mocks (3.6.0)
      diff-lcs (>= 1.2.0, < 2.0)
      rspec-support (~> 3.6.0)
    rspec-support (3.6.0)
    sanitize (2.1.0)
      nokogiri (>= 1.4.4)
    sawyer (0.8.1)
      addressable (>= 2.3.5, < 2.6)
      faraday (~> 0.8, < 1.0)
    sinatra (1.4.8)
      rack (~> 1.5)
      rack-protection (~> 1.4)
      tilt (>= 1.3, < 3)
    stringex (2.7.1)
    tilt (2.0.8)
    useragent (0.14.0)

PLATFORMS
  ruby

DEPENDENCIES
  gollum (~> 4.0.0)
  octokit (~> 4.0)
  rack-test
  rspec

RUBY VERSION
   ruby 2.5.1p57

BUNDLED WITH
   1.16.1
